GEM
  remote: https://rubygems.org/
  specs:
    diff-lcs (1.2.4)
    docile (1.1.1)
    hashie (2.0.5)
    mini_portile (0.5.2)
    multi_json (1.8.2)
    nokogiri (1.6.1)
      mini_portile (~> 0.5.0)
    rspec (2.14.1)
      rspec-core (~> 2.14.0)
      rspec-expectations (~> 2.14.0)
      rspec-mocks (~> 2.14.0)
    rspec-core (2.14.3)
    rspec-expectations (2.14.0)
      diff-lcs (>= 1.1.3, < 2.0)
    rspec-mocks (2.14.1)
    simplecov (0.8.2)
      docile (~> 1.1.0)
      multi_json
      simplecov-html (~> 0.8.0)
    simplecov-html (0.8.0)
    vcr (2.8.0)

PLATFORMS
  ruby

DEPENDENCIES
  hashie (~> 2.0.5)
  nokogiri (~> 1.6.1)
  rspec (~> 2.14.1)
  simplecov (~> 0.8.2)
  vcr (~> 2.8.0)
